GEM
  remote: http://rubygems.org/
  specs:
    activesupport (2.3.14)
    addressable (2.2.6)
    builder (3.0.0)
    eventmachine (0.12.10)
    faraday (0.7.5)
      addressable (~> 2.2.6)
      multipart-post (~> 1.1.3)
      rack (< 2, >= 1.1.0)
    faraday_middleware (0.7.0)
      faraday (~> 0.7.3)
    hashie (1.1.0)
    hoptoad_notifier (2.4.11)
      activesupport
      builder
    http_parser.rb (0.5.3)
    i18n (0.6.0)
    kgio (2.6.0)
    mail (2.3.0)
      i18n (>= 0.4.0)
      mime-types (~> 1.16)
      treetop (~> 1.4.8)
    mime-types (1.16)
    multi_json (1.0.3)
    multipart-post (1.1.3)
    pg (0.10.1)
    polyglot (0.3.2)
    rack (1.3.4)
    raindrops (0.7.0)
    rake (0.9.2)
    simple_oauth (0.1.5)
    sinatra (1.2.6)
      rack (~> 1.1)
      tilt (>= 1.2.2, < 2.0)
    tilt (1.3.2)
    tinder (1.7.0)
      activesupport (< 4, >= 2.3)
      eventmachine (~> 0.12)
      faraday (< 0.8, >= 0.6)
      faraday_middleware (< 0.8, >= 0.6)
      hashie (~> 1.0)
      mime-types (~> 1.16)
      multi_json (~> 1.0)
      multipart-post (~> 1.1)
      twitter-stream (~> 0.1)
    treetop (1.4.10)
      polyglot
      polyglot (>= 0.3.1)
    twitter-stream (0.1.14)
      eventmachine (>= 0.12.8)
      http_parser.rb (~> 0.5.1)
      simple_oauth (~> 0.1.4)
    unicorn (4.1.1)
      kgio (~> 2.4)
      rack
      raindrops (~> 0.6)
    yajl-ruby (1.0.0)

PLATFORMS
  ruby

DEPENDENCIES
  activesupport (~> 2.3)
  faraday
  hoptoad_notifier
  mail (~> 2.2)
  pg
  rake
  sinatra
  tinder (~> 1.4)
  unicorn
  yajl-ruby
