GIT
  remote: https://github.com/appoptics/appoptics-api-ruby
  revision: 23fe88a069efeefad3a32a7a87762238e6a77684
  ref: 23fe88a
  specs:
    appoptics-api-ruby (2.1.4)
      aggregate (~> 0.2.2)
      faraday (~> 0.7)

GEM
  remote: https://rubygems.org/
  specs:
    activesupport (5.2.3)
      concurrent-ruby (~> 1.0, >= 1.0.2)
      i18n (>= 0.7, < 2)
      minitest (~> 5.1)
      tzinfo (~> 1.1)
    aggregate (0.2.2)
    atomic (1.1.16)
    avl_tree (1.1.3)
    aws-sdk (1.43.3)
      json (~> 1.4)
      nokogiri (>= 1.4.4)
    concurrent-ruby (1.1.5)
    eventmachine (1.2.7)
    faraday (0.8.8)
      multipart-post (~> 1.2.0)
    faraday_middleware (0.9.0)
      faraday (>= 0.7.4, < 0.9)
    foreman (0.60.2)
      thor (>= 0.13.6)
    hashie (1.2.0)
    hipchat-api (1.0.5)
      httparty
    hitimes (1.2.1)
    http_parser.rb (0.5.3)
    httparty (0.9.0)
      multi_json (~> 1.0)
      multi_xml
    i18n (1.6.0)
      concurrent-ruby (~> 1.0)
    json (1.8.6)
    kgio (2.11.2)
    librato-metrics (1.0.3)
      aggregate (~> 0.2.2)
      faraday (~> 0.7)
      multi_json
    mail (2.6.6)
      mime-types (>= 1.16, < 4)
    metaclass (0.0.4)
    metriks (0.9.9.6)
      atomic (~> 1.0)
      avl_tree (~> 1.1.2)
      hitimes (~> 1.1)
    metriks-librato_metrics (1.0.5)
      metriks (>= 0.9.9.6)
    mime-types (1.19)
    mini_portile (0.6.0)
    minitest (5.11.3)
    minitest-ci (3.4.0)
      minitest (>= 5.0.6)
    mocha (1.8.0)
      metaclass (~> 0.0.1)
    multi_json (1.7.9)
    multi_xml (0.5.1)
    multipart-post (1.2.0)
    net-http-persistent (2.9.4)
    newrelic_rpm (3.17.2.327)
    nokogiri (1.6.2.1)
      mini_portile (= 0.6.0)
    rack (1.6.11)
    rack-protection (1.5.5)
      rack
    rack-test (1.1.0)
      rack (>= 1.0, < 3)
    raindrops (0.19.0)
    rake (10.0.3)
    scrolls (0.3.8)
    sentry-raven (0.6.0)
      faraday (>= 0.7.6)
      hashie (>= 1.1.0)
      uuidtools
    simple_oauth (0.1.9)
    sinatra (1.4.8)
      rack (~> 1.5)
      rack-protection (~> 1.4)
      tilt (>= 1.3, < 3)
    thor (0.16.0)
    thread_safe (0.3.6)
    tilt (2.0.9)
    tinder (1.9.1)
      eventmachine (>= 0.12.0, < 2)
      faraday (~> 0.8)
      faraday_middleware (~> 0.8)
      hashie (~> 1.0)
      json (~> 1.6)
      mime-types (~> 1.16)
      multi_json (~> 1.0)
      multipart-post (~> 1.1)
      twitter-stream (~> 0.1)
    twitter-stream (0.1.16)
      eventmachine (>= 0.12.8)
      http_parser.rb (~> 0.5.1)
      simple_oauth (~> 0.1.4)
    tzinfo (1.2.5)
      thread_safe (~> 0.1)
    unicorn (5.5.0)
      kgio (~> 2.6)
      raindrops (~> 0.7)
    uuidtools (2.1.4)
    yajl-ruby (1.4.1)

PLATFORMS
  ruby

DEPENDENCIES
  activesupport (~> 5.2.3)
  appoptics-api-ruby!
  aws-sdk (~> 1.6)
  eventmachine (~> 1.2)
  foreman
  hipchat-api
  json (~> 1.8)
  librato-metrics (~> 1.0.1)
  mail (~> 2.6.6)
  metriks-librato_metrics
  minitest-ci
  mocha (~> 1.8)
  net-http-persistent
  newrelic_rpm
  rack-test
  rake
  scrolls
  sentry-raven
  sinatra (~> 1.4.7)
  tinder (~> 1.4)
  unicorn (~> 5.5)
  yajl-ruby (~> 1.4.1)

BUNDLED WITH
   1.17.2
