GIT
  remote: git://github.com/rapportive-oss/right_aws.git
  revision: 6b3ead71d1424da196eb5f251b49489541295264
  specs:
    right_aws (2.2.2)
      right_http_connection (>= 1.2.5)

GEM
  remote: http://rubygems.org/
  specs:
    activesupport (2.3.12)
    addressable (2.2.6)
    builder (3.0.0)
    eventmachine (0.12.10)
    faraday (0.5.7)
      addressable (~> 2.2.4)
      multipart-post (~> 1.1.0)
      rack (>= 1.1.0, < 2)
    hoptoad_notifier (2.4.11)
      activesupport
      builder
    http_parser.rb (0.5.1)
    i18n (0.6.0)
    kgio (2.6.0)
    mail (2.3.0)
      i18n (>= 0.4.0)
      mime-types (~> 1.16)
      treetop (~> 1.4.8)
    mime-types (1.16)
    multipart-post (1.1.3)
    pg (0.10.1)
    polyglot (0.3.2)
    rack (1.3.2)
    raindrops (0.7.0)
    rake (0.9.2)
    right_http_connection (1.3.0)
    simple_oauth (0.1.5)
    sinatra (1.2.6)
      rack (~> 1.1)
      tilt (>= 1.2.2, < 2.0)
    tilt (1.3.2)
    tinder (1.4.4)
      activesupport
      eventmachine
      faraday (~> 0.5.1)
      mime-types
      multipart-post
      twitter-stream
    treetop (1.4.10)
      polyglot
      polyglot (>= 0.3.1)
    twitter-stream (0.1.14)
      eventmachine (>= 0.12.8)
      http_parser.rb (~> 0.5.1)
      simple_oauth (~> 0.1.4)
    unicorn (4.1.1)
      kgio (~> 2.4)
      rack
      raindrops (~> 0.6)
    yajl-ruby (0.8.2)

PLATFORMS
  ruby

DEPENDENCIES
  activesupport (~> 2.3)
  faraday
  hoptoad_notifier
  mail (~> 2.2)
  pg
  rake
  right_aws!
  sinatra
  tinder (~> 1.4)
  unicorn
  yajl-ruby
